GEM
  remote: https://rubygems.org/
  specs:
    addressable (2.5.2)
      public_suffix (>= 2.0.2, < 4.0)
    builder (3.2.3)
    chef (12.21.26)
      addressable
      bundler (>= 1.10)
      chef-config (= 12.21.26)
      chef-zero (>= 4.8, < 13)
      diff-lcs (~> 1.2, >= 1.2.4)
      erubis (~> 2.7)
      ffi-yajl (~> 2.2)
      highline (~> 1.6, >= 1.6.9)
      iniparse (~> 1.4)
      mixlib-archive (~> 0.4)
      mixlib-authentication (~> 1.4)
      mixlib-cli (~> 1.7)
      mixlib-log (~> 1.3)
      mixlib-shellout (~> 2.0)
      net-sftp (~> 2.1, >= 2.1.2)
      net-ssh (>= 2.9, < 5.0)
      net-ssh-multi (~> 1.2, >= 1.2.1)
      ohai (>= 8.6.0.alpha.1, < 13)
      plist (~> 3.2)
      proxifier (~> 1.0)
      rspec-core (~> 3.5)
      rspec-expectations (~> 3.5)
      rspec-mocks (~> 3.5)
      rspec_junit_formatter (~> 0.2.0)
      serverspec (~> 2.7)
      specinfra (~> 2.10)
      syslog-logger (~> 1.6)
      uuidtools (~> 2.1.5)
    chef-config (12.21.26)
      addressable
      fuzzyurl
      mixlib-config (~> 2.0)
      mixlib-shellout (~> 2.0)
    chef-zero (5.3.2)
      ffi-yajl (~> 2.2)
      hashie (>= 2.0, < 4.0)
      mixlib-log (~> 1.3)
      rack (~> 2.0)
      uuidtools (~> 2.1)
    diff-lcs (1.3)
    domain_name (0.5.20170404)
      unf (>= 0.0.5, < 1.0.0)
    erubis (2.7.0)
    ffi (1.9.18)
    ffi-yajl (2.3.1)
      libyajl2 (~> 1.2)
    fuzzyurl (0.9.0)
    gssapi (1.2.0)
      ffi (>= 1.0.1)
    gyoku (1.3.1)
      builder (>= 2.1.2)
    hashie (3.5.6)
    highline (1.7.10)
    http-cookie (1.0.3)
      domain_name (~> 0.5)
    httpclient (2.8.3)
    iniparse (1.4.4)
    ipaddress (0.8.3)
    json (2.1.0)
    kitchen-vagrant (1.2.1)
      test-kitchen (~> 1.4)
    libyajl2 (1.2.0)
    little-plugger (1.1.4)
    logging (2.2.2)
      little-plugger (~> 1.1)
      multi_json (~> 1.10)
    machine_tag (1.1.3)
    mime-types (2.99.3)
    mixlib-archive (0.4.1)
      mixlib-log
    mixlib-authentication (1.4.2)
    mixlib-cli (1.7.0)
    mixlib-config (2.2.4)
    mixlib-install (3.8.0)
      mixlib-shellout
      mixlib-versioning
      thor
    mixlib-log (1.7.1)
    mixlib-shellout (2.3.2)
    mixlib-versioning (1.2.2)
    multi_json (1.12.2)
    net-scp (1.2.1)
      net-ssh (>= 2.6.5)
    net-sftp (2.1.2)
      net-ssh (>= 2.6.5)
    net-ssh (4.2.0)
    net-ssh-gateway (1.3.0)
      net-ssh (>= 2.6.5)
    net-ssh-multi (1.2.1)
      net-ssh (>= 2.6.5)
      net-ssh-gateway (>= 1.2.0)
    net-telnet (0.1.1)
    netrc (0.11.0)
    nori (2.6.0)
    ohai (8.25.1)
      chef-config (>= 12.5.0.alpha.1, < 14)
      ffi (~> 1.9)
      ffi-yajl (~> 2.2)
      ipaddress
      mixlib-cli
      mixlib-config (~> 2.0)
      mixlib-log (>= 1.7.1, < 2.0)
      mixlib-shellout (~> 2.0)
      plist (~> 3.1)
      systemu (~> 2.6.4)
      wmi-lite (~> 1.0)
    plist (3.3.0)
    proxifier (1.0.3)
    public_suffix (3.0.1)
    rack (2.0.3)
    rake (12.3.0)
    rest-client (1.8.0)
      http-cookie (>= 1.0.2, < 2.0)
      mime-types (>= 1.16, < 3.0)
      netrc (~> 0.7)
    right_api_client (1.6.3)
      json (~> 2)
      mime-types (~> 2.0)
      rest-client (~> 1.6)
    rspec (3.7.0)
      rspec-core (~> 3.7.0)
      rspec-expectations (~> 3.7.0)
      rspec-mocks (~> 3.7.0)
    rspec-core (3.7.0)
      rspec-support (~> 3.7.0)
    rspec-expectations (3.7.0)
      diff-lcs (>= 1.2.0, < 2.0)
      rspec-support (~> 3.7.0)
    rspec-its (1.2.0)
      rspec-core (>= 3.0.0)
      rspec-expectations (>= 3.0.0)
    rspec-mocks (3.7.0)
      diff-lcs (>= 1.2.0, < 2.0)
      rspec-support (~> 3.7.0)
    rspec-support (3.7.0)
    rspec_junit_formatter (0.2.3)
      builder (< 4)
      rspec-core (>= 2, < 4, != 2.12.0)
    rubyntlm (0.6.2)
    rubyzip (1.2.1)
    safe_yaml (1.0.4)
    serverspec (2.41.3)
      multi_json
      rspec (~> 3.0)
      rspec-its
      specinfra (~> 2.72)
    sfl (2.3)
    specinfra (2.72.1)
      net-scp
      net-ssh (>= 2.7, < 5.0)
      net-telnet
      sfl
    syslog-logger (1.6.8)
    systemu (2.6.5)
    test-kitchen (1.19.1)
      mixlib-install (~> 3.6)
      mixlib-shellout (>= 1.2, < 3.0)
      net-scp (~> 1.1)
      net-ssh (>= 2.9, < 5.0)
      net-ssh-gateway (~> 1.2)
      safe_yaml (~> 1.0)
      thor (~> 0.19, < 0.19.2)
      winrm (~> 2.0)
      winrm-elevated (~> 1.0)
      winrm-fs (~> 1.0.2)
    thor (0.19.1)
    unf (0.1.4)
      unf_ext
    unf_ext (0.0.7.4)
    uuidtools (2.1.5)
    winrm (2.2.3)
      builder (>= 2.1.2)
      erubis (~> 2.7)
      gssapi (~> 1.2)
      gyoku (~> 1.0)
      httpclient (~> 2.2, >= 2.2.0.2)
      logging (>= 1.6.1, < 3.0)
      nori (~> 2.0)
      rubyntlm (~> 0.6.0, >= 0.6.1)
    winrm-elevated (1.1.0)
      winrm (~> 2.0)
      winrm-fs (~> 1.0)
    winrm-fs (1.0.2)
      erubis (~> 2.7)
      logging (>= 1.6.1, < 3.0)
      rubyzip (~> 1.1)
      winrm (~> 2.0)
    wmi-lite (1.0.0)

PLATFORMS
  ruby

DEPENDENCIES
  chef (~> 12.16)
  kitchen-vagrant
  machine_tag
  rake
  right_api_client
  test-kitchen

BUNDLED WITH
   1.15.1
